GIT
  remote: git@github.com:NBCUOTS/PubUtils_buildkit.git
  revision: 6447e73d260053d01bfe8aaa2ec3d4ddac268c42
  tag: v0.5.2
  specs:
    p7buildkit (0.5.2)
      bundler (~> 1.3)
      java_properties (~> 0.0.4)
      map (~> 6.5.3)
      octokit (~> 2.0)
      pony (~> 1.8)

GEM
  remote: https://rubygems.org/
  specs:
    acapi (0.0.1)
      rest-client
    activesupport (4.1.1)
      i18n (~> 0.6, >= 0.6.9)
      json (~> 1.7, >= 1.7.7)
      minitest (~> 5.1)
      thread_safe (~> 0.1)
      tzinfo (~> 1.1)
    addressable (2.3.6)
    faraday (0.9.0)
      multipart-post (>= 1.2, < 3)
    i18n (0.6.9)
    java_properties (0.0.4)
    json (1.8.1)
    mail (2.2.7)
      activesupport (>= 2.3.6)
      mime-types
      treetop (>= 1.4.5)
    map (6.5.3)
    mime-types (2.2)
    minitest (5.3.4)
    multipart-post (2.0.0)
    octokit (2.7.2)
      sawyer (~> 0.5.2)
    polyglot (0.3.4)
    pony (1.8)
      mail (>= 2.0)
    rake (10.3.2)
    rest-client (1.6.7)
      mime-types (>= 1.16)
    sawyer (0.5.4)
      addressable (~> 2.3.5)
      faraday (~> 0.8, < 0.10)
    thread_safe (0.3.3)
    treetop (1.5.3)
      polyglot (~> 0.3)
    tzinfo (1.1.0)
      thread_safe (~> 0.1)

PLATFORMS
  ruby

DEPENDENCIES
  acapi
  p7buildkit!
  rake
